PATH
  remote: .
  specs:
    simple_mutex (0.1.0)
      redis
      redis-namespace
      sidekiq

GEM
  remote: https://rubygems.org/
  specs:
    ast (2.4.2)
    connection_pool (2.2.2)
    diff-lcs (1.3)
    jaro_winkler (1.5.3)
    mock_redis (0.27.3)
      ruby2_keywords
    parallel (1.18.0)
    parser (3.0.0.0)
      ast (~> 2.4.1)
    rack (2.2.3)
    rack-protection (2.0.7)
      rack
    rainbow (3.0.0)
    redis (4.1.3)
    redis-namespace (1.6.0)
      redis (>= 3.0.4)
    rspec (3.8.0)
      rspec-core (~> 3.8.0)
      rspec-expectations (~> 3.8.0)
      rspec-mocks (~> 3.8.0)
    rspec-core (3.8.2)
      rspec-support (~> 3.8.0)
    rspec-expectations (3.8.6)
      diff-lcs (>= 1.2.0, < 2.0)
      rspec-support (~> 3.8.0)
    rspec-mocks (3.8.2)
      diff-lcs (>= 1.2.0, < 2.0)
      rspec-support (~> 3.8.0)
    rspec-support (3.8.3)
    rubocop (0.74.0)
      jaro_winkler (~> 1.5.1)
      parallel (~> 1.10)
      parser (>= 2.6)
      rainbow (>= 2.2.2, < 4.0)
      ruby-progressbar (~> 1.7)
      unicode-display_width (>= 1.4.0, < 1.7)
    rubocop-config-umbrellio (0.74.0.61)
      rubocop (= 0.74.0)
      rubocop-performance (= 1.4.1)
      rubocop-rails (= 2.3.1)
      rubocop-rspec (= 1.35.0)
    rubocop-performance (1.4.1)
      rubocop (>= 0.71.0)
    rubocop-rails (2.3.1)
      rack (>= 1.1)
      rubocop (>= 0.72.0)
    rubocop-rspec (1.35.0)
      rubocop (>= 0.60.0)
    ruby-progressbar (1.10.1)
    ruby2_keywords (0.0.4)
    sidekiq (6.0.4)
      connection_pool (>= 2.2.2)
      rack (>= 2.0.0)
      rack-protection (>= 2.0.0)
      redis (>= 4.1.0)
    timecop (0.9.1)
    unicode-display_width (1.6.0)

PLATFORMS
  ruby

DEPENDENCIES
  bundler
  mock_redis
  rspec
  rubocop
  rubocop-config-umbrellio
  rubocop-rspec
  simple_mutex!
  timecop

BUNDLED WITH
   2.1.4
