PATH
  remote: .
  specs:
    simple_mutex (1.1.0)
      redis (>= 5.0)
      sidekiq

GEM
  remote: https://rubygems.org/
  specs:
    activesupport (7.1.0)
      base64
      bigdecimal
      concurrent-ruby (~> 1.0, >= 1.0.2)
      connection_pool (>= 2.2.5)
      drb
      i18n (>= 1.6, < 2)
      minitest (>= 5.1)
      mutex_m
      tzinfo (~> 2.0)
    ast (2.4.2)
    base64 (0.1.1)
    bigdecimal (3.1.4)
    bundler-audit (0.9.1)
      bundler (>= 1.2.0, < 3)
      thor (~> 1.0)
    concurrent-ruby (1.2.2)
    connection_pool (2.4.1)
    diff-lcs (1.5.0)
    docile (1.4.0)
    drb (2.1.1)
      ruby2_keywords
    i18n (1.14.1)
      concurrent-ruby (~> 1.0)
    json (2.6.3)
    minitest (5.20.0)
    mock_redis (0.37.0)
    mutex_m (0.1.2)
    parallel (1.23.0)
    parser (3.2.2.4)
      ast (~> 2.4.1)
      racc
    racc (1.7.1)
    rack (3.0.8)
    rainbow (3.1.1)
    redis (5.0.7)
      redis-client (>= 0.9.0)
    redis-client (0.17.0)
      connection_pool
    redis-namespace (1.11.0)
      redis (>= 4)
    regexp_parser (2.8.1)
    rexml (3.2.6)
    rspec (3.12.0)
      rspec-core (~> 3.12.0)
      rspec-expectations (~> 3.12.0)
      rspec-mocks (~> 3.12.0)
    rspec-core (3.12.2)
      rspec-support (~> 3.12.0)
    rspec-expectations (3.12.3)
      diff-lcs (>= 1.2.0, < 2.0)
      rspec-support (~> 3.12.0)
    rspec-mocks (3.12.6)
      diff-lcs (>= 1.2.0, < 2.0)
      rspec-support (~> 3.12.0)
    rspec-support (3.12.1)
    rubocop (1.50.2)
      json (~> 2.3)
      parallel (~> 1.10)
      parser (>= 3.2.0.0)
      rainbow (>= 2.2.2, < 4.0)
      regexp_parser (>= 1.8, < 3.0)
      rexml (>= 3.2.5, < 4.0)
      rubocop-ast (>= 1.28.0, < 2.0)
      ruby-progressbar (~> 1.7)
      unicode-display_width (>= 2.4.0, < 3.0)
    rubocop-ast (1.29.0)
      parser (>= 3.2.1.0)
    rubocop-capybara (2.19.0)
      rubocop (~> 1.41)
    rubocop-config-umbrellio (1.50.0.85)
      rubocop (~> 1.50.0)
      rubocop-performance (~> 1.17.0)
      rubocop-rails (~> 2.19.0)
      rubocop-rake (~> 0.6.0)
      rubocop-rspec (~> 2.20.0)
      rubocop-sequel (~> 0.3.3)
    rubocop-performance (1.17.1)
      rubocop (>= 1.7.0, < 2.0)
      rubocop-ast (>= 0.4.0)
    rubocop-rails (2.19.1)
      activesupport (>= 4.2.0)
      rack (>= 1.1)
      rubocop (>= 1.33.0, < 2.0)
    rubocop-rake (0.6.0)
      rubocop (~> 1.0)
    rubocop-rspec (2.20.0)
      rubocop (~> 1.33)
      rubocop-capybara (~> 2.17)
    rubocop-sequel (0.3.4)
      rubocop (~> 1.0)
    ruby-progressbar (1.13.0)
    ruby2_keywords (0.0.5)
    sidekiq (7.1.5)
      concurrent-ruby (< 2)
      connection_pool (>= 2.3.0)
      rack (>= 2.2.4)
      redis-client (>= 0.14.0)
    simplecov (0.22.0)
      docile (~> 1.1)
      simplecov-html (~> 0.11)
      simplecov_json_formatter (~> 0.1)
    simplecov-html (0.12.3)
    simplecov-lcov (0.8.0)
    simplecov_json_formatter (0.1.4)
    thor (1.2.2)
    timecop (0.9.8)
    tzinfo (2.0.6)
      concurrent-ruby (~> 1.0)
    unicode-display_width (2.5.0)

PLATFORMS
  x86_64-darwin-21
  x86_64-linux

DEPENDENCIES
  bundler (~> 2.4, >= 2.4.20)
  bundler-audit (~> 0.9.1)
  mock_redis (~> 0.37.0)
  redis-namespace (~> 1.11)
  rspec (~> 3.12)
  rubocop (~> 1.50, >= 1.50)
  rubocop-config-umbrellio (~> 1.50, >= 1.50.0.85)
  rubocop-rspec (~> 2.20, >= 2.20)
  simple_mutex!
  simplecov (~> 0.22.0)
  simplecov-lcov (~> 0.8.0)
  timecop (~> 0.9.8)

BUNDLED WITH
   2.4.20
